GEM
  remote: https://rubygems.org/
  specs:
    mustermann (3.0.0)
      ruby2_keywords (~> 0.0.1)
    rack (2.2.7)
    rack-protection (3.0.6)
      rack
    rexml (3.3.5)
      strscan
    ruby2_keywords (0.0.5)
    sinatra (3.0.6)
      mustermann (~> 3.0)
      rack (~> 2.2, >= 2.2.4)
      rack-protection (= 3.0.6)
      tilt (~> 2.0)
    strscan (3.1.0)
    tilt (2.1.0)

PLATFORMS
  x64-mingw-ucrt
  x86_64-darwin-22
  x86_64-darwin-23

DEPENDENCIES
  rexml
  sinatra

BUNDLED WITH
   2.4.13
